GEM
  remote: http://rubygems.org/
  specs:
    haml (4.0.7)
      tilt
    nio4r (2.5.2)
    puma (4.3.1)
      nio4r (~> 2.0)
    rack (1.6.4)
    rack-protection (1.5.3)
      rack
    sinatra (1.4.7)
      rack (~> 1.5)
      rack-protection (~> 1.4)
      tilt (>= 1.3, < 3)
    tilt (2.0.5)

PLATFORMS
  ruby
  x64-mingw32
  x86-mingw32

DEPENDENCIES
  haml
  puma (~> 4.3)
  rack (< 2.0)
  sinatra

BUNDLED WITH
   2.1.2
